GEM
  remote: https://rubygems.org/
  specs:
    bubble-wrap (1.4.0)
    rake (10.1.1)
    teacup (2.1.13)

PLATFORMS
  ruby

DEPENDENCIES
  bubble-wrap
  rake
  teacup
